GEM
  remote: https://rubygems.org/
  specs:
    actionmailer (4.2.11.1)
      actionpack (= 4.2.11.1)
      actionview (= 4.2.11.1)
      activejob (= 4.2.11.1)
      mail (~> 2.5, >= 2.5.4)
      rails-dom-testing (~> 1.0, >= 1.0.5)
    actionpack (4.2.11.1)
      actionview (= 4.2.11.1)
      activesupport (= 4.2.11.1)
      rack (~> 1.6)
      rack-test (~> 0.6.2)
      rails-dom-testing (~> 1.0, >= 1.0.5)
      rails-html-sanitizer (~> 1.0, >= 1.0.2)
    actionview (4.2.11.1)
      activesupport (= 4.2.11.1)
      builder (~> 3.1)
      erubis (~> 2.7.0)
      rails-dom-testing (~> 1.0, >= 1.0.5)
      rails-html-sanitizer (~> 1.0, >= 1.0.3)
    activejob (4.2.11.1)
      activesupport (= 4.2.11.1)
      globalid (>= 0.3.0)
    activemodel (4.2.11.1)
      activesupport (= 4.2.11.1)
      builder (~> 3.1)
    activerecord (4.2.11.1)
      activemodel (= 4.2.11.1)
      activesupport (= 4.2.11.1)
      arel (~> 6.0)
    activerecord-session_store (0.1.2)
      actionpack (>= 4.0.0, < 5)
      activerecord (>= 4.0.0, < 5)
      railties (>= 4.0.0, < 5)
    activesupport (4.2.11.1)
      i18n (~> 0.7)
      minitest (~> 5.1)
      thread_safe (~> 0.3, >= 0.3.4)
      tzinfo (~> 1.1)
    arel (6.0.4)
    aws-sdk (2.2.37)
      aws-sdk-resources (= 2.2.37)
    aws-sdk-core (2.2.37)
      jmespath (~> 1.0)
    aws-sdk-resources (2.2.37)
      aws-sdk-core (= 2.2.37)
    aws-sdk-v1 (1.66.0)
      json (~> 1.4)
      nokogiri (>= 1.4.4)
    builder (3.2.3)
    crass (1.0.4)
    daemons (1.1.9)
    erubis (2.7.0)
    eventmachine (1.0.9.1)
    globalid (0.3.7)
      activesupport (>= 4.1.0)
    hike (1.2.3)
    httpclient (2.6.0.1)
    i18n (0.8.6)
    jmespath (1.1.3)
    jquery-rails (4.0.5)
      rails-dom-testing (~> 1.0)
      railties (>= 4.2.0)
      thor (>= 0.14, < 2.0)
    json (1.8.6)
    json_pure (1.8.6)
    loofah (2.2.3)
      crass (~> 1.0.2)
      nokogiri (>= 1.5.9)
    mail (2.6.6)
      mime-types (>= 1.16, < 4)
    mime-types (2.4.3)
    mini_portile (0.6.2)
    mini_portile2 (2.3.0)
    minitest (5.5.1)
    multi_json (1.10.1)
    nokogiri (1.8.5)
      mini_portile2 (~> 2.3.0)
    rack (1.6.13)
    rack-test (0.6.3)
      rack (>= 1.0)
    rails (4.2.11.1)
      actionmailer (= 4.2.11.1)
      actionpack (= 4.2.11.1)
      actionview (= 4.2.11.1)
      activejob (= 4.2.11.1)
      activemodel (= 4.2.11.1)
      activerecord (= 4.2.11.1)
      activesupport (= 4.2.11.1)
      bundler (>= 1.3.0, < 2.0)
      railties (= 4.2.11.1)
      sprockets-rails
    rails-deprecated_sanitizer (1.0.3)
      activesupport (>= 4.2.0.alpha)
    rails-dom-testing (1.0.9)
      activesupport (>= 4.2.0, < 5.0)
      nokogiri (~> 1.6)
      rails-deprecated_sanitizer (>= 1.0.1)
    rails-html-sanitizer (1.0.4)
      loofah (~> 2.2, >= 2.2.2)
    railties (4.2.11.1)
      actionpack (= 4.2.11.1)
      activesupport (= 4.2.11.1)
      rake (>= 0.8.7)
      thor (>= 0.18.1, < 2.0)
    rake (13.0.3)
    right_aws (3.1.0)
      right_http_connection (>= 1.2.5)
    right_http_connection (1.5.0)
    sprockets (2.12.5)
      hike (~> 1.2)
      multi_json (~> 1.0)
      rack (~> 1.0)
      tilt (~> 1.1, != 1.3.0)
    sprockets-rails (2.2.4)
      actionpack (>= 3.0)
      activesupport (>= 3.0)
      sprockets (>= 2.8, < 4.0)
    sqlite3 (1.3.13)
    thin (1.6.4)
      daemons (~> 1.0, >= 1.0.9)
      eventmachine (~> 1.0, >= 1.0.4)
      rack (~> 1.0)
    thor (0.19.4)
    thread_safe (0.3.6)
    tilt (1.4.1)
    tzinfo (1.2.5)
      thread_safe (~> 0.1)

PLATFORMS
  ruby

DEPENDENCIES
  actionmailer (~> 4.2.11)
  actionpack (~> 4.2.11)
  actionview (~> 4.2.11)
  activejob (~> 4.2.11)
  activemodel (~> 4.2.11)
  activerecord (~> 4.2.11)
  activerecord-session_store (~> 0.1.0)
  activesupport (~> 4.2.11)
  arel (~> 6.0.0)
  aws-sdk (~> 2.2.31)
  aws-sdk-core (~> 2.2.31)
  aws-sdk-resources (~> 2.2.31)
  aws-sdk-v1 (~> 1.66.0)
  builder (~> 3.2.2)
  daemons (~> 1.1.9)
  erubis (~> 2.7.0)
  eventmachine (~> 1.0.4)
  globalid (~> 0.3.0)
  hike (~> 1.2.3)
  httpclient (~> 2.6.0.1)
  i18n (~> 0.8.0)
  jmespath (~> 1.1.3)
  jquery-rails (~> 4.0.4)
  json (~> 1.8.3)
  json_pure (~> 1.8.1)
  loofah (~> 2.2.3)
  mail (~> 2.6.3)
  mime-types (~> 2.4.3)
  mini_portile (~> 0.6.2)
  minitest (~> 5.5.0)
  multi_json (~> 1.10.1)
  nokogiri (~> 1.8.5)
  rack (~> 1.6.13)
  rack-test (~> 0.6.2)
  rails (~> 4.2.11)
  rails-deprecated_sanitizer (~> 1.0.3)
  rails-dom-testing (~> 1.0)
  rails-html-sanitizer (~> 1.0.4)
  railties (~> 4.2.11)
  right_aws (~> 3.1.0)
  right_http_connection (~> 1.5.0)
  sprockets (~> 2.12.5)
  sprockets-rails (~> 2.2.2)
  sqlite3 (~> 1.3.10)
  thin (~> 1.6.3)
  thor (~> 0.19.1)
  thread_safe (~> 0.3.4)
  tilt (~> 1.4.1)
  tzinfo (~> 1.2.2)
